GEM
  remote: http://rubygems.org/
  specs:
    autotest (4.4.2)
    diff-lcs (1.1.2)
    fakeweb (1.3.0)
    mime-types (1.16)
    rack (1.2.1)
    rest-client (1.6.1)
      mime-types (>= 1.16)
    rspec (2.1.0)
      rspec-core (~> 2.1.0)
      rspec-expectations (~> 2.1.0)
      rspec-mocks (~> 2.1.0)
    rspec-core (2.1.0)
    rspec-expectations (2.1.0)
      diff-lcs (~> 1.1.2)
    rspec-mocks (2.1.0)
    sinatra (1.1.0)
      rack (~> 1.1)
      tilt (~> 1.1)
    tilt (1.1)

PLATFORMS
  ruby

DEPENDENCIES
  autotest (>= 4.2.2)
  fakeweb (>= 1.3.0)
  rest-client (~> 1.6.1)
  rspec (>= 2.0.1)
  sinatra (= 1.1.0)
