GEM
  remote: http://rubygems.org/
  specs:
    autotest (4.4.2)
    diff-lcs (1.1.2)
    rack (1.2.1)
    rspec (2.1.0)
      rspec-core (~> 2.1.0)
      rspec-expectations (~> 2.1.0)
      rspec-mocks (~> 2.1.0)
    rspec-core (2.1.0)
    rspec-expectations (2.1.0)
      diff-lcs (~> 1.1.2)
    rspec-mocks (2.1.0)
    sinatra (1.1.0)
      rack (~> 1.1)
      tilt (~> 1.1)
    tilt (1.1)

PLATFORMS
  ruby

DEPENDENCIES
  autotest
  rspec (>= 2.0.0.beta.22)
  sinatra (= 1.1.0)
