PATH
  remote: .
  specs:
    papermill-agent (0.0.2)
      json_pure
      rest-client (~> 1.6.1)

GEM
  remote: http://rubygems.org/
  specs:
    autotest (4.4.5)
    diff-lcs (1.1.2)
    fakeweb (1.3.0)
    json_pure (1.4.6)
    mime-types (1.16)
    rack (1.2.1)
    rest-client (1.6.1)
      mime-types (>= 1.16)
    rspec (2.1.0)
      rspec-core (~> 2.1.0)
      rspec-expectations (~> 2.1.0)
      rspec-mocks (~> 2.1.0)
    rspec-core (2.1.0)
    rspec-expectations (2.1.0)
      diff-lcs (~> 1.1.2)
    rspec-mocks (2.1.0)
    sinatra (1.1.0)
      rack (~> 1.1)
      tilt (~> 1.1)
    tilt (1.1)

PLATFORMS
  java
  ruby

DEPENDENCIES
  autotest (= 4.4.5)
  fakeweb (>= 1.3.0)
  json_pure
  papermill-agent!
  rest-client (~> 1.6.1)
  rspec (>= 2.0.1)
  sinatra (= 1.1.0)
